GEM
  remote: https://rubygems.org/
  specs:
    cinch (2.3.2)
    daumdic (0.1.1)

PLATFORMS
  ruby

DEPENDENCIES
  cinch
  daumdic

BUNDLED WITH
   1.14.3
