PATH
  remote: .
  specs:
    hyeonbot (1.0.1)
      daumdic (~> 1.0)
      mcinch (~> 2.4)
      sqlite3 (~> 2.6)

GEM
  remote: https://rubygems.org/
  specs:
    daumdic (1.0.1)
      nokogiri (~> 1.8)
    mcinch (2.4.1)
    mini_portile2 (2.8.8)
    nokogiri (1.18.3)
      mini_portile2 (~> 2.8.2)
      racc (~> 1.4)
    nokogiri (1.18.3-aarch64-linux-gnu)
      racc (~> 1.4)
    nokogiri (1.18.3-arm64-darwin)
      racc (~> 1.4)
    nokogiri (1.18.3-x86_64-linux-gnu)
      racc (~> 1.4)
    racc (1.8.1)
    sqlite3 (2.6.0)
      mini_portile2 (~> 2.8.0)
    sqlite3 (2.6.0-aarch64-linux-gnu)
    sqlite3 (2.6.0-arm64-darwin)
    sqlite3 (2.6.0-x86_64-linux-gnu)

PLATFORMS
  aarch64-linux
  arm64-darwin
  ruby
  x86_64-linux

DEPENDENCIES
  hyeonbot!

BUNDLED WITH
   2.6.5
