PATH
  remote: .
  specs:
    hyeonbot (1.0.1)
      daumdic (~> 1.0)
      mcinch (~> 2.4)
      sqlite3 (~> 1.4)

GEM
  remote: https://rubygems.org/
  specs:
    daumdic (1.0.1)
      nokogiri (~> 1.8)
    mcinch (2.4.1)
    mini_portile2 (2.8.6)
    nokogiri (1.16.5)
      mini_portile2 (~> 2.8.2)
      racc (~> 1.4)
    nokogiri (1.16.5-aarch64-linux)
      racc (~> 1.4)
    nokogiri (1.16.5-arm64-darwin)
      racc (~> 1.4)
    nokogiri (1.16.5-x86_64-linux)
      racc (~> 1.4)
    racc (1.7.3)
    sqlite3 (1.4.2)

PLATFORMS
  aarch64-linux
  arm64-darwin
  ruby
  x86_64-linux

DEPENDENCIES
  hyeonbot!

BUNDLED WITH
   2.3.12
