GEM
  remote: https://rubygems.org/
  specs:
    cinch (2.3.2)
    daumdic (0.1.0)
    mini_portile2 (2.0.0)
    nokogiri (1.6.7.2)
      mini_portile2 (~> 2.0.0.rc2)

PLATFORMS
  ruby

DEPENDENCIES
  cinch
  daumdic
  nokogiri

BUNDLED WITH
   1.12.4
