GEM
  remote: https://rubygems.org/
  specs:
    cinch (2.3.4)
    daumdic (1.0.0)
      nokogiri (~> 1.8)
    mini_portile2 (2.3.0)
    nokogiri (1.8.5)
      mini_portile2 (~> 2.3.0)

PLATFORMS
  ruby

DEPENDENCIES
  cinch (~> 2.3)
  daumdic (~> 1.0)

BUNDLED WITH
   2.0.1
